PATH
  remote: .
  specs:
    elevated-flows (0.0.0)

GEM
  remote: http://www.rubygems.org/
  specs:

PLATFORMS
  x86_64-linux

DEPENDENCIES
  elevated-flows!

BUNDLED WITH
   2.3.22
